RESTRICTION: == net461
NUGET
  remote: https://www.nuget.org/api/v2
    Castle.Core (4.2.1)
    CommandLineParser (1.9.71)
    DotNet.Glob (1.6.9)
    ManagedEsent (1.9.4)
    Microsoft.CodeAnalysis.Analyzers (1.1)
    Microsoft.CodeAnalysis.Common (2.4)
      Microsoft.CodeAnalysis.Analyzers (>= 1.1)
      System.AppContext (>= 4.3)
      System.Collections (>= 4.3)
      System.Collections.Concurrent (>= 4.3)
      System.Collections.Immutable (>= 1.3.1)
      System.Console (>= 4.3)
      System.Diagnostics.Debug (>= 4.3)
      System.Diagnostics.FileVersionInfo (>= 4.3)
      System.Diagnostics.StackTrace (>= 4.3)
      System.Diagnostics.Tools (>= 4.3)
      System.Dynamic.Runtime (>= 4.3)
      System.Globalization (>= 4.3)
      System.IO.Compression (>= 4.3)
      System.IO.FileSystem (>= 4.3)
      System.IO.FileSystem.Primitives (>= 4.3)
      System.Linq (>= 4.3)
      System.Linq.Expressions (>= 4.3)
      System.Reflection (>= 4.3)
      System.Reflection.Metadata (>= 1.4.2)
      System.Resources.ResourceManager (>= 4.3)
      System.Runtime (>= 4.3)
      System.Runtime.Extensions (>= 4.3)
      System.Runtime.InteropServices (>= 4.3)
      System.Runtime.Numerics (>= 4.3)
      System.Security.Cryptography.Algorithms (>= 4.3)
      System.Security.Cryptography.Encoding (>= 4.3)
      System.Security.Cryptography.X509Certificates (>= 4.3)
      System.Text.Encoding (>= 4.3)
      System.Text.Encoding.CodePages (>= 4.3)
      System.Text.Encoding.Extensions (>= 4.3)
      System.Threading (>= 4.3)
      System.Threading.Tasks (>= 4.3)
      System.Threading.Tasks.Parallel (>= 4.3)
      System.Threading.Thread (>= 4.3)
      System.ValueTuple (>= 4.3)
      System.Xml.ReaderWriter (>= 4.3)
      System.Xml.XDocument (>= 4.3)
      System.Xml.XmlDocument (>= 4.3)
      System.Xml.XPath.XDocument (>= 4.3)
    Microsoft.CodeAnalysis.CSharp (2.4)
      Microsoft.CodeAnalysis.Common (2.4)
    Microsoft.CodeAnalysis.CSharp.Workspaces (2.4)
      Microsoft.CodeAnalysis.CSharp (2.4)
      Microsoft.CodeAnalysis.Workspaces.Common (2.4)
    Microsoft.CodeAnalysis.Workspaces.Common (2.4)
      ManagedEsent (>= 1.9.4)
      Microsoft.CodeAnalysis.Common (2.4)
      System.Composition (>= 1.0.31)
    Microsoft.NETCore.Platforms (2.0)
    Moq (4.7.142)
      Castle.Core (>= 4.2.1)
    NETStandard.Library (2.0.1)
      Microsoft.NETCore.Platforms (>= 1.1)
    NUnit (3.8.1)
    System.AppContext (4.3)
    System.Collections (4.3)
    System.Collections.Concurrent (4.3)
    System.Collections.Immutable (1.4)
      NETStandard.Library (>= 1.6.1)
    System.Composition (1.1)
      System.Composition.AttributedModel (>= 1.1)
      System.Composition.Convention (>= 1.1)
      System.Composition.Hosting (>= 1.1)
      System.Composition.Runtime (>= 1.1)
      System.Composition.TypedParts (>= 1.1)
    System.Composition.AttributedModel (1.1)
      NETStandard.Library (>= 1.6.1)
    System.Composition.Convention (1.1)
      NETStandard.Library (>= 1.6.1)
      System.Composition.AttributedModel (>= 1.1)
    System.Composition.Hosting (1.1)
      NETStandard.Library (>= 1.6.1)
      System.Composition.Runtime (>= 1.1)
    System.Composition.Runtime (1.1)
      NETStandard.Library (>= 1.6.1)
    System.Composition.TypedParts (1.1)
      NETStandard.Library (>= 1.6.1)
      System.Composition.AttributedModel (>= 1.1)
      System.Composition.Hosting (>= 1.1)
      System.Composition.Runtime (>= 1.1)
    System.Console (4.3)
    System.Diagnostics.Debug (4.3)
    System.Diagnostics.FileVersionInfo (4.3)
    System.Diagnostics.StackTrace (4.3)
    System.Diagnostics.Tools (4.3)
    System.Dynamic.Runtime (4.3)
    System.Globalization (4.3)
    System.IO.Compression (4.3)
    System.IO.FileSystem (4.3)
      System.IO.FileSystem.Primitives (>= 4.3)
    System.IO.FileSystem.Primitives (4.3)
    System.Linq (4.3)
    System.Linq.Expressions (4.3)
    System.Reflection (4.3)
    System.Reflection.Metadata (1.5)
      NETStandard.Library (>= 1.6.1)
      System.Collections.Immutable (>= 1.4)
    System.Resources.ResourceManager (4.3)
    System.Runtime (4.3)
    System.Runtime.Extensions (4.3)
    System.Runtime.InteropServices (4.3)
    System.Runtime.Numerics (4.3)
    System.Security.Cryptography.Algorithms (4.3)
      System.Security.Cryptography.Primitives (>= 4.3)
    System.Security.Cryptography.Encoding (4.3)
    System.Security.Cryptography.Primitives (4.3)
    System.Security.Cryptography.X509Certificates (4.3.1)
      System.Security.Cryptography.Algorithms (>= 4.3)
      System.Security.Cryptography.Encoding (>= 4.3)
    System.Text.Encoding (4.3)
    System.Text.Encoding.CodePages (4.4)
    System.Text.Encoding.Extensions (4.3)
    System.Threading (4.3)
    System.Threading.Tasks (4.3)
    System.Threading.Tasks.Parallel (4.3)
    System.Threading.Thread (4.3)
    System.ValueTuple (4.4)
    System.Xml.ReaderWriter (4.3)
    System.Xml.XDocument (4.3)
    System.Xml.XmlDocument (4.3)
    System.Xml.XPath (4.3)
    System.Xml.XPath.XDocument (4.3)
      System.Xml.XPath (>= 4.3)
    YamlDotNet (4.2.2)
